GEM
  remote: http://rubygems.org/
  specs:
    POpen4 (0.1.4)
      Platform (>= 0.4.0)
      open4
    Platform (0.4.0)
    chunky_png (1.2.5)
    compass (0.11.7)
      chunky_png (~> 1.2)
      fssm (>= 0.2.7)
      sass (~> 3.1)
    execjs (1.3.0)
      multi_json (~> 1.0)
    fssm (0.2.8.1)
    haml (3.1.4)
    jammit (0.6.5)
      yui-compressor (>= 0.9.3)
    multi_json (1.0.4)
    nokogiri (1.5.0)
    open4 (1.3.0)
    rake (0.9.2.2)
    sass (3.1.12)
    version (1.0.0)
    yui-compressor (0.9.6)
      POpen4 (>= 0.1.4)

PLATFORMS
  ruby

DEPENDENCIES
  compass
  execjs
  haml
  jammit
  nokogiri
  rake
  version
  yui-compressor
